GIT
  remote: git://github.com/hoxworth/xmpp4r.git
  revision: e9c793795f5f43ad18b9d3c7457b7cd4d503e1ef
  specs:
    xmpp4r (0.5)
      nokogiri

GEM
  remote: http://rubygems.org/
  specs:
    activesupport (4.1.3)
      i18n (~> 0.6, >= 0.6.9)
      json (~> 1.7, >= 1.7.7)
      minitest (~> 5.1)
      thread_safe (~> 0.1)
      tzinfo (~> 1.1)
    addressable (2.3.6)
    byebug (3.2.0)
      columnize (~> 0.8)
      debugger-linecache (~> 1.2)
    classifier (1.3.1)
      stemmer (>= 1.0.0)
    coderay (1.1.0)
    columnize (0.8.9)
    cookiejar (0.3.2)
    daemons (1.1.9)
    debugger-linecache (1.2.0)
    em-http-request (1.0.3)
      addressable (>= 2.2.3)
      cookiejar
      em-socksify
      eventmachine (>= 1.0.0.beta.4)
      http_parser.rb (>= 0.5.3)
    em-irc (0.0.2)
      activesupport
      eventmachine
    em-socksify (0.3.0)
      eventmachine (>= 1.0.0.beta.4)
    eventmachine (1.0.7)
    faraday (0.9.0)
      multipart-post (>= 1.2, < 3)
    faraday_middleware (0.9.1)
      faraday (>= 0.7.4, < 0.10)
    faye-websocket (0.9.2)
      eventmachine (>= 0.12.0)
      websocket-driver (>= 0.5.1)
    hpricot (0.8.6)
    htmlentities (4.3.1)
    http_parser.rb (0.5.3)
    httparty (0.13.1)
      json (~> 1.8)
      multi_xml (>= 0.5.2)
    i18n (0.6.11)
    imagesize (0.1.1)
    json (1.8.1)
    method_source (0.8.2)
    mini_portile (0.6.0)
    minitest (5.4.0)
    multi_json (1.11.0)
    multi_xml (0.5.5)
    multipart-post (2.0.0)
    nokogiri (1.6.3.1)
      mini_portile (= 0.6.0)
    octokit (2.0.0.rc2)
      sawyer (~> 0.1.0)
    pry (0.10.0)
      coderay (~> 1.1.0)
      method_source (~> 0.8.1)
      slop (~> 3.4)
    rack (1.5.2)
    rack-protection (1.5.3)
      rack
    sanitize (2.1.0)
      nokogiri (>= 1.4.4)
    sawyer (0.1.0)
      faraday (~> 0.9.rc5)
      uri_template (~> 0.5.0)
    sinatra (1.4.5)
      rack (~> 1.4)
      rack-protection (~> 1.4)
      tilt (~> 1.3, >= 1.3.4)
    slack-api (1.1.0)
      faraday (>= 0.7, <= 0.9)
      faraday_middleware (~> 0.8)
      faye-websocket (~> 0.9.2)
      multi_json (~> 1.0, >= 1.0.3)
    slop (3.6.0)
    sqlite3 (1.3.9)
    stemmer (1.0.1)
    thin (1.6.2)
      daemons (>= 1.0.9)
      eventmachine (>= 1.0.0)
      rack (>= 1.0.0)
    thread_safe (0.3.4)
    tilt (1.4.1)
    twss (0.0.5)
      classifier (= 1.3.1)
    tzinfo (1.2.2)
      thread_safe (~> 0.1)
    uri_template (0.5.3)
    websocket-driver (0.5.4)
      websocket-extensions (>= 0.1.0)
    websocket-extensions (0.1.2)

PLATFORMS
  ruby

DEPENDENCIES
  activesupport
  byebug
  em-http-request
  em-irc
  eventmachine
  hpricot
  htmlentities
  httparty
  imagesize
  json
  octokit (= 2.0.0.rc2)
  pry
  rack
  sanitize
  sinatra
  slack-api
  sqlite3
  thin
  twss
  tzinfo
  xmpp4r!
