GEM
  remote: http://rubygems.org/
  remote: http://gemcutter.org/
  specs:
    activesupport (3.1.1)
      multi_json (~> 1.0)
    classifier (1.3.1)
      stemmer (>= 1.0.0)
    eventmachine (0.12.10)
    hpricot (0.8.4)
    htmlentities (4.3.0)
    http_parser.rb (0.5.3)
    httparty (0.8.1)
      multi_json
      multi_xml
    json (1.6.1)
    multi_json (1.0.3)
    multi_xml (0.4.1)
    nokogiri (1.5.0)
    sanitize (2.0.3)
      nokogiri (>= 1.4.4, < 1.6)
    simple_oauth (0.1.5)
    sqlite3 (1.3.4)
    stemmer (1.0.1)
    twitter-stream (0.1.14)
      eventmachine (>= 0.12.8)
      http_parser.rb (~> 0.5.1)
      simple_oauth (~> 0.1.4)
    twss (0.0.5)
      classifier (= 1.3.1)

PLATFORMS
  ruby

DEPENDENCIES
  activesupport
  eventmachine
  hpricot
  htmlentities
  httparty
  json
  sanitize
  sqlite3
  twitter-stream
  twss
